PATH
  remote: .
  specs:
    vault-provision (0.1.7)
      activesupport (~> 5.0, >= 5.0.2)
      rhcl (~> 0.1.0)
      vault (~> 0.10)

GEM
  remote: https://rubygems.org/
  specs:
    activesupport (5.0.4)
      concurrent-ruby (~> 1.0, >= 1.0.2)
      i18n (~> 0.7)
      minitest (~> 5.1)
      tzinfo (~> 1.1)
    concurrent-ruby (1.0.5)
    deep_merge (1.1.1)
    diff-lcs (1.3)
    i18n (0.8.4)
    minitest (5.10.2)
    rake (12.0.0)
    rhcl (0.1.0)
      deep_merge
    rspec (3.5.0)
      rspec-core (~> 3.5.0)
      rspec-expectations (~> 3.5.0)
      rspec-mocks (~> 3.5.0)
    rspec-core (3.5.4)
      rspec-support (~> 3.5.0)
    rspec-expectations (3.5.0)
      diff-lcs (>= 1.2.0, < 2.0)
      rspec-support (~> 3.5.0)
    rspec-mocks (3.5.0)
      diff-lcs (>= 1.2.0, < 2.0)
      rspec-support (~> 3.5.0)
    rspec-support (3.5.0)
    thread_safe (0.3.6)
    tzinfo (1.2.3)
      thread_safe (~> 0.1)
    vault (0.10.1)

PLATFORMS
  ruby

DEPENDENCIES
  activesupport (~> 5.0.2)
  rake (~> 12.0)
  rhcl (~> 0.1.0)
  rspec (~> 3.5.0)
  rspec-core (~> 3.5.4)
  vault (~> 0.10)
  vault-provision!

BUNDLED WITH
   1.15.1
